GEM
  remote: https://rubygems.org/
  specs:
    awesome_print (1.8.0)
    http-2 (0.8.4)
    json (2.1.0)
    net-http2 (0.16.0)
      http-2 (= 0.8.4)
    ruby-progressbar (1.9.0)
    terminal-table (1.8.0)
      unicode-display_width (~> 1.1, >= 1.1.1)
    unicode-display_width (1.3.0)

PLATFORMS
  ruby

DEPENDENCIES
  awesome_print
  json
  net-http2
  ruby-progressbar
  terminal-table

RUBY VERSION
   ruby 2.4.2p198

BUNDLED WITH
   1.15.4
